{
  "AcquisitionMatrixPE": 78,
  "AcquisitionNumber": 1,
  "AcquisitionTime": "10:20:42.830000",
  "BaseResolution": 78,
  "BodyPartExamined": "BRAIN",
  "CoilCombinationMethod": "Adaptive Combine",
  "ConsistencyInfo": "N4_VE11C_LATEST_20160120",
  "ConversionSoftware": "dcm2niix",
  "ConversionSoftwareVersion": "v1.0.20220720",
  "DeviceSerialNumber": "45424",
  "DwellTime": 1.06e-05,
  "EchoNumber": 1,
  "EchoTime": 0.00492,
  "FlipAngle": 60,
  "HeudiconvVersion": "1.1.0",
  "ImageOrientationPatientDICOM": [
    1,
    0,
    0,
    0,
    1,
    0
  ],
  "ImageOrientationText": "Tra",
  "ImageType": [
    "ORIGINAL",
    "PRIMARY",
    "M",
    "ND"
  ],
  "ImagingFrequency": 123.238,
  "InPlanePhaseEncodingDirectionDICOM": "COL",
  "InstitutionAddress": "North Warren Ave 1609,Tucson,Denver,US,85719",
  "InstitutionName": "University of Arizona",
  "InstitutionalDepartmentName": "Department",
  "IntendedFor": [
    "func/sub-01_task-rest_run-001_bold.nii.gz"
],
  "MRAcquisitionType": "2D",
  "MagneticFieldStrength": 3,
  "Manufacturer": "Siemens",
  "ManufacturersModelName": "Skyra",
  "MatrixCoilMode": "SENSE",
  "Modality": "MR",
  "NonlinearGradientCorrection": false,
  "PartialFourier": 1,
  "PatientPosition": "HFS",
  "PercentPhaseFOV": 100,
  "PercentSampling": 100,
  "PhaseEncodingDirection": "j-",
  "PhaseEncodingSteps": 78,
  "PhaseResolution": 1,
  "PixelBandwidth": 605,
  "ProcedureStepDescription": "TEST",
  "ProtocolName": "Axial Field_Mapping Seq",
  "PulseSequenceDetails": "%SiemensSeq%\\gre_field_mapping",
  "ReceiveCoilActiveElements": "HEA;HEP",
  "ReceiveCoilName": "Head_32",
  "ReconMatrixPE": 78,
  "RepetitionTime": 0.571,
  "SAR": 0.15272,
  "ScanningSequence": "GR",
  "SequenceName": "*fm2d2r",
  "SequenceVariant": "SP",
  "SeriesDescription": "Axial Field_Mapping Seq",
  "SeriesNumber": 25,
  "ShimSetting": [
    8158,
    -13755,
    14996,
    26,
    100,
    -459,
    65,
    -296
  ],
  "SliceThickness": 3,
  "SliceTiming": [
    0.28125,
    0,
    0.29688,
    0.00781,
    0.30469,
    0.02344,
    0.3125,
    0.03125,
    0.32812,
    0.03906,
    0.33594,
    0.04688,
    0.35156,
    0.0625,
    0.35938,
    0.07031,
    0.36719,
    0.08594,
    0.375,
    0.09375,
    0.39062,
    0.10156,
    0.39844,
    0.11719,
    0.41406,
    0.125,
    0.42188,
    0.13281,
    0.42969,
    0.14844,
    0.44531,
    0.15625,
    0.45312,
    0.17188,
    0.46094,
    0.17969,
    0.47656,
    0.1875,
    0.48438,
    0.19531,
    0.49219,
    0.21094,
    0.50781,
    0.21875,
    0.51562,
    0.23438,
    0.52344,
    0.24219,
    0.53906,
    0.25,
    0.54688,
    0.26562,
    0.55469,
    0.27344
  ],
  "SoftwareVersions": "syngo MR E11",
  "SpacingBetweenSlices": 3.75,
  "StationName": "AWP45424",
  "TxRefAmp": 331.132
}
