{
  "AcquisitionMatrixPE": 204,
  "AcquisitionNumber": 1,
  "AcquisitionTime": "09:29:7.840000",
  "BaseResolution": 544,
  "BodyPartExamined": "BRAIN",
  "CoilCombinationMethod": "Adaptive Combine",
  "ConsistencyInfo": "N4_VE11C_LATEST_20160120",
  "ConversionSoftware": "dcm2niix",
  "ConversionSoftwareVersion": "v1.0.20220720",
  "DeviceSerialNumber": "45424",
  "DwellTime": 2.3e-06,
  "EchoTime": 0.00413,
  "FlipAngle": 40,
  "HeudiconvVersion": "1.1.0",
  "ImageComments": "test-adam/19830120/23.01.20-08:46:51-STD-1.3.12.2.1107.5.2.19.45424/2",
  "ImageOrientationPatientDICOM": [1, 4.875e-12, -4.61e-13, -4.897e-12, 0.995562, -0.0941083],
  "ImageOrientationText": "Tra>Cor(-5.4)",
  "ImageType": [
    "ORIGINAL",
    "PRIMARY",
    "M",
    "ND",
    "NORM"
],
  "ImagingFrequency": 123.238,
  "InPlanePhaseEncodingDirectionDICOM": "ROW",
  "InstitutionAddress": "North Warren Ave 1609,Tucson,Denver,US,85719",
  "InstitutionName": "University of Arizona",
  "InstitutionalDepartmentName": "Department",
  "MRAcquisitionType": "2D",
  "MTState": true,
  "MagneticFieldStrength": 3,
  "Manufacturer": "Siemens",
  "ManufacturersModelName": "Skyra",
  "MatrixCoilMode": "GRAPPA",
  "Modality": "MR",
  "NonlinearGradientCorrection": false,
  "NumberOfAverages": 11,
  "ParallelReductionFactorInPlane": 2,
  "PartialFourier": 1,
  "PatientPosition": "HFS",
  "PercentPhaseFOV": 75,
  "PercentSampling": 50,
  "PhaseEncodingDirection": "i",
  "PhaseEncodingSteps": 204,
  "PhaseResolution": 0.5,
  "PixelBandwidth": 400,
  "ProcedureStepDescription": "TEST",
  "ProtocolName": "NM-1.5MM 16 SLI",
  "PulseSequenceDetails": "%SiemensSeq%\\gre",
  "ReceiveCoilActiveElements": "HEA;HEP",
  "ReceiveCoilName": "Head_32",
  "ReconMatrixPE": 408,
  "RefLinesPE": 24,
  "RepetitionTime": 0.446,
  "ScanOptions": "MT",
  "ScanningSequence": "GR",
  "SequenceName": "*fl2d1",
  "SequenceVariant": "MTC\\SP",
  "SeriesDescription": "NM-1.5MM 16 SLI_RR",
  "SeriesNumber": 11,
  "ShimSetting": [8151, -13748, 14521, -327, 159, -412, -410, -329],
  "SliceThickness": 1.5,
  "SliceTiming": [0.22656, 0, 0.25, 0.03125, 0.28125, 0.05469, 0.30469, 0.08594, 0.33594, 0.10938, 0.35938, 0.14062, 0.39062, 0.16406, 0.41406, 0.19531],
  "SoftwareVersions": "syngo MR E11",
  "SpacingBetweenSlices": 1.5,
  "SpoilingState": true,
  "StationName": "AWP45424",
  "TxRefAmp": 331.132}